GEM
  remote: https://rubygems.org/
  specs:
    addressable (2.8.7)
      public_suffix (>= 2.0.2, < 7.0)
    async (2.26.0)
      console (~> 1.29)
      fiber-annotation
      io-event (~> 1.12)
      metrics (~> 0.12)
      traces (~> 0.15)
    base64 (0.3.0)
    bigdecimal (3.2.2)
    claude-code-sdk-ruby (0.1.4)
      async (~> 2)
      logger (~> 1)
    claude_swarm (0.3.5)
      claude-code-sdk-ruby (~> 0.1)
      fast-mcp-annotations (~> 1.5)
      ruby-mcp-client (~> 0.7)
      ruby-openai (>= 7.0, < 9.0)
      thor (~> 1.3)
      zeitwerk (~> 2.6)
    concurrent-ruby (1.3.5)
    console (1.32.0)
      fiber-annotation
      fiber-local (~> 1.1)
      json
    dry-configurable (1.3.0)
      dry-core (~> 1.1)
      zeitwerk (~> 2.6)
    dry-core (1.1.0)
      concurrent-ruby (~> 1.0)
      logger
      zeitwerk (~> 2.6)
    dry-inflector (1.2.0)
    dry-initializer (3.2.0)
    dry-logic (1.6.0)
      bigdecimal
      concurrent-ruby (~> 1.0)
      dry-core (~> 1.1)
      zeitwerk (~> 2.6)
    dry-schema (1.14.1)
      concurrent-ruby (~> 1.0)
      dry-configurable (~> 1.0, >= 1.0.1)
      dry-core (~> 1.1)
      dry-initializer (~> 3.2)
      dry-logic (~> 1.5)
      dry-types (~> 1.8)
      zeitwerk (~> 2.6)
    dry-types (1.8.3)
      bigdecimal (~> 3.0)
      concurrent-ruby (~> 1.0)
      dry-core (~> 1.0)
      dry-inflector (~> 1.0)
      dry-logic (~> 1.4)
      zeitwerk (~> 2.6)
    event_stream_parser (1.0.0)
    faraday (2.13.3)
      faraday-net_http (>= 2.0, < 3.5)
      json
      logger
    faraday-follow_redirects (0.3.0)
      faraday (>= 1, < 3)
    faraday-multipart (1.1.1)
      multipart-post (~> 2.0)
    faraday-net_http (3.4.1)
      net-http (>= 0.5.0)
    faraday-retry (2.3.2)
      faraday (~> 2.0)
    fast-mcp-annotations (1.5.3)
      addressable (~> 2.8)
      base64
      dry-schema (~> 1.14)
      json (~> 2.0)
      mime-types (~> 3.4)
      rack (< 3)
    fiber-annotation (0.2.0)
    fiber-local (1.1.0)
      fiber-storage
    fiber-storage (1.0.1)
    io-event (1.12.0)
    json (2.13.0)
    logger (1.7.0)
    metrics (0.12.2)
    mime-types (3.7.0)
      logger
      mime-types-data (~> 3.2025, >= 3.2025.0507)
    mime-types-data (3.2025.0715)
    multipart-post (2.4.1)
    net-http (0.6.0)
      uri
    public_suffix (6.0.2)
    rack (2.2.17)
    ruby-mcp-client (0.7.2)
      faraday (~> 2.0)
      faraday-follow_redirects (~> 0.3)
      faraday-retry (~> 2.0)
    ruby-openai (8.1.0)
      event_stream_parser (>= 0.3.0, < 2.0.0)
      faraday (>= 1)
      faraday-multipart (>= 1)
    thor (1.4.0)
    traces (0.15.2)
    uri (1.0.3)
    zeitwerk (2.7.3)

PLATFORMS
  ruby
  x86_64-linux

DEPENDENCIES
  claude_swarm (~> 0.3.2)

BUNDLED WITH
   2.7.1
